PATH
  remote: .
  specs:
    mojo_magick (0.5.7)

GEM
  remote: https://rubygems.org/
  specs:
    diff-lcs (1.3)
    docile (1.3.2)
    minitest (5.14.2)
    rake (12.3.3)
    rspec-expectations (3.9.0)
      diff-lcs (>= 1.2.0, < 2.0)
      rspec-support (~> 3.9.0)
    rspec-support (3.9.0)
    simplecov (0.19.1)
      docile (~> 1.1)
      simplecov-html (~> 0.11)
    simplecov-html (0.12.3)

PLATFORMS
  ruby

DEPENDENCIES
  minitest
  mojo_magick!
  rake
  rspec-expectations
  simplecov

BUNDLED WITH
   1.17.2
