PATH
  remote: .
  specs:
    mojo_magick (0.5.5)

GEM
  remote: https://rubygems.org/
  specs:
    diff-lcs (1.2.4)
    multi_json (1.8.2)
    rake (12.3.3)
    rspec-expectations (2.14.3)
      diff-lcs (>= 1.1.3, < 2.0)
    simplecov (0.7.1)
      multi_json (~> 1.0)
      simplecov-html (~> 0.7.1)
    simplecov-html (0.7.1)

PLATFORMS
  ruby

DEPENDENCIES
  mojo_magick!
  rake
  rspec-expectations
  simplecov
